RESTRICTION: >= net461
NUGET
  remote: https://www.nuget.org/api/v2
    FAKE (4.63.2)
    FSharp.Control.AsyncSeq (2.0.16)
    FSharp.Core (4.2.3)
    FSharpx.Async (1.13.2)
      FSharp.Control.AsyncSeq
      FSharp.Core
    FSharpx.Collections (1.17)
      FSharp.Core
    FSharpx.Extras (2.2.1)
      FSharpx.Async
      FSharpx.Collections
HTTP
  remote: file://
    System.Windows.Forms.dll (/usr/lib/mono/4.7-api/System.Windows.Forms.dll)